GEM
  remote: https://rubygems.org/
  specs:
    activesupport (4.0.3)
      i18n (~> 0.6, >= 0.6.4)
      minitest (~> 4.2)
      multi_json (~> 1.3)
      thread_safe (~> 0.1)
      tzinfo (~> 0.3.37)
    atomic (1.1.15)
    bson (1.9.2)
    bson_ext (1.9.2)
      bson (~> 1.9.2)
    builder (3.2.2)
    hashie (2.0.5)
    httmultiparty (0.3.12)
      httparty (>= 0.7.3)
      mimemagic
      multipart-post
    httparty (0.13.0)
      json (~> 1.8)
      multi_xml (>= 0.5.2)
    i18n (0.6.9)
    jnunemaker-validatable (1.8.4)
      activesupport (>= 2.3.4)
    json (1.8.1)
    maruku (0.7.1)
    mimemagic (0.2.1)
    minitest (4.7.5)
    mongo (1.9.2)
      bson (~> 1.9.2)
    mongo_mapper (0.8.6)
      activesupport (>= 2.3.4)
      jnunemaker-validatable (~> 1.8.4)
      plucky (~> 0.3.6)
    multi_json (1.9.0)
    multi_xml (0.5.5)
    multipart-post (2.0.0)
    plucky (0.3.8)
      mongo (~> 1.3)
    puma (2.8.0)
      rack (>= 1.1, < 2.0)
    rack (1.5.2)
    rack-protection (1.5.2)
      rack
    rake (10.1.1)
    sinatra (1.4.4)
      rack (~> 1.4)
      rack-protection (~> 1.4)
      tilt (~> 1.3, >= 1.3.4)
    soundcloud (0.3.2)
      hashie (~> 2.0)
      httmultiparty (~> 0.3.0)
    thread_safe (0.2.0)
      atomic (>= 1.1.7, < 2)
    tilt (1.4.1)
    tzinfo (0.3.38)

PLATFORMS
  ruby

DEPENDENCIES
  bson_ext
  builder
  maruku
  mongo_mapper
  puma
  rake
  sinatra
  soundcloud
