GEM
  remote: https://rubygems.org/
  specs:
    builder (3.2.3)
    hashie (3.5.7)
    httmultiparty (0.3.16)
      httparty (>= 0.7.3)
      mimemagic
      multipart-post
    httparty (0.16.2)
      multi_xml (>= 0.5.2)
    maruku (0.7.3)
    mimemagic (0.3.2)
    multi_xml (0.6.0)
    multipart-post (2.0.0)
    mustermann (1.0.2)
    power_assert (1.1.1)
    puma (3.11.4)
    rack (2.0.5)
    rack-protection (2.0.1)
      rack
    rack-test (1.0.0)
      rack (>= 1.0, < 3)
    rake (12.3.1)
    sequel (5.9.0)
    sinatra (2.0.1)
      mustermann (~> 1.0)
      rack (~> 2.0)
      rack-protection (= 2.0.1)
      tilt (~> 2.0)
    soundcloud (0.3.4)
      hashie
      httmultiparty (~> 0.3.0)
    sqlite3 (1.3.13)
    test-unit (3.2.8)
      power_assert
    tilt (2.0.8)

PLATFORMS
  ruby

DEPENDENCIES
  builder
  maruku
  puma
  rack-test
  rake
  sequel
  sinatra
  soundcloud
  sqlite3
  test-unit

BUNDLED WITH
   1.16.1
